PATH
  remote: .
  specs:
    pixelletter (0.0.1)
      builder (~> 3.1.4)

GEM
  remote: http://rubygems.org/
  specs:
    builder (3.1.4)
    diff-lcs (1.1.3)
    multi_json (1.5.0)
    rake (10.0.3)
    rspec (2.12.0)
      rspec-core (~> 2.12.0)
      rspec-expectations (~> 2.12.0)
      rspec-mocks (~> 2.12.0)
    rspec-core (2.12.2)
    rspec-expectations (2.12.1)
      diff-lcs (~> 1.1.3)
    rspec-mocks (2.12.2)
    simplecov (0.7.1)
      multi_json (~> 1.0)
      simplecov-html (~> 0.7.1)
    simplecov-html (0.7.1)

PLATFORMS
  ruby

DEPENDENCIES
  pixelletter!
  rake
  rspec
  simplecov
