PATH
  remote: .
  specs:
    pixelletter (0.1.1)
      activesupport
      attr_required
      builder (~> 3.0.4)
      nokogiri
      rest_client

GEM
  remote: http://rubygems.org/
  specs:
    activesupport (4.1.6)
      i18n (~> 0.6, >= 0.6.9)
      json (~> 1.7, >= 1.7.7)
      minitest (~> 5.1)
      thread_safe (~> 0.1)
      tzinfo (~> 1.1)
    attr_required (1.0.0)
    builder (3.0.4)
    coderay (1.0.8)
    diff-lcs (1.1.3)
    fakeweb (1.3.0)
    guard (1.6.2)
      listen (>= 0.6.0)
      lumberjack (>= 1.0.2)
      pry (>= 0.9.10)
      terminal-table (>= 1.4.3)
      thor (>= 0.14.6)
    guard-rspec (2.4.0)
      guard (>= 1.1)
      rspec (~> 2.11)
    i18n (0.6.11)
    json (1.8.1)
    listen (0.7.2)
    lumberjack (1.0.2)
    method_source (0.8.1)
    minitest (5.4.2)
    multi_json (1.5.0)
    netrc (0.7.9)
    nokogiri (1.5.6)
    pry (0.9.11.4)
      coderay (~> 1.0.5)
      method_source (~> 0.8)
      slop (~> 3.4)
    rake (10.0.3)
    rb-fsevent (0.9.3)
    rest_client (1.7.3)
      netrc (~> 0.7.7)
    rspec (2.12.0)
      rspec-core (~> 2.12.0)
      rspec-expectations (~> 2.12.0)
      rspec-mocks (~> 2.12.0)
    rspec-core (2.12.2)
    rspec-expectations (2.12.1)
      diff-lcs (~> 1.1.3)
    rspec-mocks (2.12.2)
    simplecov (0.7.1)
      multi_json (~> 1.0)
      simplecov-html (~> 0.7.1)
    simplecov-html (0.7.1)
    slop (3.4.3)
    terminal-table (1.4.5)
    test_xml (0.1.2)
      nokogiri (>= 1.3.2)
    thor (0.17.0)
    thread_safe (0.3.4)
    tzinfo (1.2.2)
      thread_safe (~> 0.1)

PLATFORMS
  ruby

DEPENDENCIES
  fakeweb
  guard
  guard-rspec
  pixelletter!
  rake
  rb-fsevent (~> 0.9.1)
  rspec
  simplecov
  test_xml
